GEM
  remote: https://rubygems.org/
  specs:
    nio4r (2.7.4)
    puma (6.6.0)
      nio4r (~> 2.0)
    thruster (0.1.14)
    thruster (0.1.14-arm64-darwin)
    thruster (0.1.14-x86_64-linux)

PLATFORMS
  arm64-darwin-24
  ruby
  x86_64-linux

DEPENDENCIES
  puma
  thruster

RUBY VERSION
   ruby 3.4.5p51

BUNDLED WITH
   2.6.9
